GEM
  remote: https://rubygems.org/
  specs:
    curses (1.4.4)

PLATFORMS
  x86_64-linux

DEPENDENCIES
  curses

BUNDLED WITH
   2.2.3
